GEM
  remote: https://rubygems.org/
  specs:
    dnssd (3.0.1)

PLATFORMS
  ruby

DEPENDENCIES
  dnssd (~> 3.0)

BUNDLED WITH
   1.16.2
