GEM
  remote: https://rubygems.org/
  specs:
    dnssd (3.0.1)
    fuzzy_match (2.1.0)

PLATFORMS
  ruby

DEPENDENCIES
  dnssd (~> 3.0)
  fuzzy_match (~> 2.1)

BUNDLED WITH
   1.17.3
